GIT
  remote: git@gitlab.gobi.tzi.de:gobi/gem-coap.git
  revision: 877f3929917a919837b9bd163101626678dc9601
  branch: stable
  specs:
    coap (0.0.13)
      resolv-ipv6favor

GIT
  remote: git@gitlab.gobi.tzi.de:gobi/gem-codtls.git
  revision: 80a609f59e65be26eba4290030e7354abd9a8806
  branch: stable
  specs:
    codtls (0.0.1.alpha.6)
      openssl-ccm (~> 1.1, >= 1.1.1)
      openssl-cmac (~> 2.0, >= 2.0.0)
      redis (~> 3.1.0, >= 3.1.0)

GIT
  remote: git@gitlab.gobi.tzi.de:gobi/gem-core-link-format-parser.git
  revision: ab2744280a1255c8ec4b14d78d1a93e06c6a4a77
  specs:
    core_link_format_parser (0.0.1)

GIT
  remote: git@gitlab.gobi.tzi.de:gobi/gem-senml-parser.git
  revision: b4b3c5f84cc6ddc0e4a73091e924f645c39b8f62
  specs:
    senml_parser (0.0.1)
      cbor
      json

GIT
  remote: git@gitlab.gobi.tzi.de:gobi/gem-tits.git
  revision: 951277ffe4291891fdbecd2dfc3ee29a5e987052
  branch: stable
  specs:
    tits (0.0.2.pre)
      activerecord
      influxdb
      redcarpet
      yard

GIT
  remote: git@gitlab.gobi.tzi.de:gobi/gem-torf.git
  revision: be40b4a3a5117c7244d76cb747ee56602bd797c6
  specs:
    torf (0.0.3)
      activerecord
      acts_as_list
      logger

GEM
  remote: https://rubygems.org/
  specs:
    activemodel (4.0.5)
      activesupport (= 4.0.5)
      builder (~> 3.1.0)
    activerecord (4.0.5)
      activemodel (= 4.0.5)
      activerecord-deprecated_finders (~> 1.0.2)
      activesupport (= 4.0.5)
      arel (~> 4.0.0)
    activerecord-deprecated_finders (1.0.3)
    activesupport (4.0.5)
      i18n (~> 0.6, >= 0.6.9)
      minitest (~> 4.2)
      multi_json (~> 1.3)
      thread_safe (~> 0.1)
      tzinfo (~> 0.3.37)
    acts_as_list (0.4.0)
      activerecord (>= 3.0)
    arel (4.0.2)
    ast (2.0.0)
    axiom-types (0.1.1)
      descendants_tracker (~> 0.0.4)
      ice_nine (~> 0.11.0)
      thread_safe (~> 0.3, >= 0.3.1)
    bcrypt (3.1.7)
    builder (3.1.4)
    cbor (0.5.6.4)
    coercible (1.0.0)
      descendants_tracker (~> 0.0.1)
    database_cleaner (1.3.0)
    descendants_tracker (0.0.4)
      thread_safe (~> 0.3, >= 0.3.1)
    diff-lcs (1.2.5)
    dnssd (2.0)
    equalizer (0.0.9)
    factory_girl (4.4.0)
      activesupport (>= 3.0.0)
    grape (0.7.0)
      activesupport
      builder
      hashie (>= 1.2.0)
      multi_json (>= 1.3.2)
      multi_xml (>= 0.5.2)
      rack (>= 1.3.0)
      rack-accept
      rack-mount
      virtus (>= 1.0.0)
    grape-rabl (0.2.2)
      grape
      i18n
      rabl
      tilt
    hashie (3.0.0)
    i18n (0.6.9)
    ice_nine (0.11.0)
    influxdb (0.1.8)
      json
    json (1.8.1)
    logger (1.2.8)
    minitest (4.7.5)
    multi_json (1.10.1)
    multi_xml (0.5.5)
    openssl-ccm (1.1.1)
    openssl-cmac (2.0.0)
    parser (2.1.9)
      ast (>= 1.1, < 3.0)
      slop (~> 3.4, >= 3.4.5)
    powerpack (0.0.9)
    rabl (0.10.1)
      activesupport (>= 2.3.14)
    rack (1.5.2)
    rack-accept (0.4.5)
      rack (>= 0.4)
    rack-cors (0.2.9)
    rack-mount (0.8.3)
      rack (>= 1.0.0)
    rack-ssl-enforcer (0.2.7)
    rack-test (0.6.2)
      rack (>= 1.0)
    racksh (1.0.0)
      rack (>= 1.0)
      rack-test (>= 0.5)
    rainbow (2.0.0)
    rake (10.3.2)
    redcarpet (3.1.2)
    redis (3.1.0)
    resolv-ipv6favor (0.0.0)
    rspec (3.0.0)
      rspec-core (~> 3.0.0)
      rspec-expectations (~> 3.0.0)
      rspec-mocks (~> 3.0.0)
    rspec-core (3.0.2)
      rspec-support (~> 3.0.0)
    rspec-expectations (3.0.2)
      diff-lcs (>= 1.2.0, < 2.0)
      rspec-support (~> 3.0.0)
    rspec-mocks (3.0.2)
      rspec-support (~> 3.0.0)
    rspec-support (3.0.1)
    rubocop (0.19.1)
      json (>= 1.7.7, < 2)
      parser (~> 2.1.7)
      powerpack (~> 0.0.6)
      rainbow (>= 1.99.1, < 3.0)
      ruby-progressbar (~> 1.4)
    ruby-progressbar (1.5.1)
    slop (3.5.0)
    sqlite3 (1.3.9)
    thread_safe (0.3.4)
    tilt (2.0.1)
    tzinfo (0.3.39)
    virtus (1.0.2)
      axiom-types (~> 0.1)
      coercible (~> 1.0)
      descendants_tracker (~> 0.0.3)
      equalizer (~> 0.0.9)
    yard (0.8.7.4)

PLATFORMS
  ruby

DEPENDENCIES
  activerecord (~> 4.0.4)
  bcrypt
  coap!
  codtls!
  core_link_format_parser!
  database_cleaner
  dnssd
  factory_girl
  grape
  grape-rabl (~> 0.2.2)
  rack (~> 1.5.2)
  rack-cors
  rack-ssl-enforcer
  rack-test
  racksh
  rake
  rspec
  rubocop
  senml_parser!
  sqlite3
  tits!
  torf!
